GEM
  remote: https://rubygems.org/
  specs:
    Ascii85 (1.0.2)
    activesupport (4.1.4)
      i18n (~> 0.6, >= 0.6.9)
      json (~> 1.7, >= 1.7.7)
      minitest (~> 5.1)
      thread_safe (~> 0.1)
      tzinfo (~> 1.1)
    addressable (2.3.6)
    afm (0.2.2)
    amq-protocol (1.9.2)
    awesome_print (1.2.0)
    backports (3.6.0)
    builder (3.2.2)
    bunny (1.2.2)
      amq-protocol (>= 1.9.2)
    carrot-top (0.0.7)
      json
    chronic (0.10.2)
    coderay (1.1.0)
    crack (0.4.2)
      safe_yaml (~> 1.0.0)
    diff-lcs (1.2.5)
    domain_name (0.5.23)
      unf (>= 0.0.5, < 1.0.0)
    faraday (0.9.0)
      multipart-post (>= 1.2, < 3)
    fast-stemmer (1.0.2)
    fastercsv (1.5.5)
    fixed_width-multibyte (0.2.3)
      activesupport
    hash_digest (1.1.3)
      murmurhash3
    hashery (2.1.1)
    htmlentities (4.3.2)
    http-cookie (1.0.2)
      domain_name (~> 0.5)
    httparty (0.13.1)
      json (~> 1.8)
      multi_xml (>= 0.5.2)
    httpclient (2.4.0)
    hutch (0.9.0)
      bunny (~> 1.2.1)
      carrot-top (~> 0.0.7)
      multi_json (~> 1.5)
    i18n (0.6.9)
    json (1.8.1)
    json-schema (2.2.2)
    mechanize (2.7.3)
      domain_name (~> 0.5, >= 0.5.1)
      http-cookie (~> 1.0)
      mime-types (~> 2.0)
      net-http-digest_auth (~> 1.1, >= 1.1.1)
      net-http-persistent (~> 2.5, >= 2.5.2)
      nokogiri (~> 1.4)
      ntlm-http (~> 0.1, >= 0.1.1)
      webrobots (>= 0.0.9, < 0.2)
    method_source (0.8.2)
    mime-types (2.3)
    mini_portile (0.6.0)
    minitest (5.5.0)
    multi_json (1.10.1)
    multi_xml (0.5.5)
    multipart-post (2.0.0)
    murmurhash3 (0.1.4)
    net-http-digest_auth (1.4)
    net-http-persistent (2.9.4)
    nokogiri (1.6.2.1)
      mini_portile (= 0.6.0)
    ntlm-http (0.1.1)
    openc_bot (0.0.16)
      activesupport (= 4.1.4)
      backports
      httpclient
      json
      json-schema
      nokogiri
      rake
      scraperwiki (= 3.0.2)
    pdf-reader (1.3.3)
      Ascii85 (~> 1.0.0)
      afm (~> 0.2.0)
      hashery (~> 2.0)
      ruby-rc4
      ttfunk
    pismo (0.7.4)
      awesome_print
      chronic
      fast-stemmer
      nokogiri
      sanitize
    pry (0.10.1)
      coderay (~> 1.1.0)
      method_source (~> 0.8.1)
      slop (~> 3.4)
    rack (1.5.2)
    rake (10.4.2)
    remote_table (3.3.0)
      activesupport (>= 2.3.4)
      fastercsv (>= 1.5.0)
      fixed_width-multibyte (>= 0.2.3)
      hash_digest (>= 1.1.3)
      i18n
      roo (>= 1.11)
      unix_utils (>= 0.0.8)
    rest-client (1.6.7)
      mime-types (>= 1.16)
    roo (1.13.2)
      nokogiri
      rubyzip
      spreadsheet (> 0.6.4)
    rspec (3.0.0)
      rspec-core (~> 3.0.0)
      rspec-expectations (~> 3.0.0)
      rspec-mocks (~> 3.0.0)
    rspec-core (3.0.4)
      rspec-support (~> 3.0.0)
    rspec-expectations (3.0.4)
      diff-lcs (>= 1.2.0, < 2.0)
      rspec-support (~> 3.0.0)
    rspec-mocks (3.0.4)
      rspec-support (~> 3.0.0)
    rspec-support (3.0.4)
    ruby-hmac (0.4.0)
    ruby-ole (1.2.11.7)
    ruby-rc4 (0.1.5)
    rubyzip (1.1.4)
    safe_yaml (1.0.4)
    sanitize (2.1.0)
      nokogiri (>= 1.4.4)
    scraperwiki (3.0.2)
      httpclient
      sqlite_magic
    slop (3.6.0)
    spreadsheet (0.9.7)
      ruby-ole (>= 1.0)
    sqlite3 (1.3.9)
    sqlite_magic (0.0.3)
      sqlite3
    stringex (2.5.2)
    thread_safe (0.3.4)
    to_regexp (0.2.1)
    ttfunk (1.4.0)
    turbot-api (0.0.16)
      rest-client (~> 1.6.1)
      rubyzip
    turbot-ruby-gems (0.20)
      Ascii85 (= 1.0.2)
      activesupport (= 4.1.4)
      backports (= 3.6.0)
      builder (= 3.2.2)
      chronic (= 0.10.2)
      faraday (= 0.9.0)
      fast-stemmer (= 1.0.2)
      fastercsv (= 1.5.5)
      htmlentities (= 4.3.2)
      http-cookie (= 1.0.2)
      httparty (= 0.13.1)
      httpclient (= 2.4.0)
      hutch (= 0.9.0)
      i18n (= 0.6.9)
      json (= 1.8.1)
      json-schema (= 2.2.2)
      mechanize (= 2.7.3)
      mime-types (= 2.3)
      multi_xml (= 0.5.5)
      multipart-post (= 2.0.0)
      nokogiri (= 1.6.2.1)
      openc_bot (= 0.0.16)
      pdf-reader (= 1.3.3)
      pismo (= 0.7.4)
      rack (= 1.5.2)
      remote_table (= 3.3.0)
      rest-client (= 1.6.7)
      roo (= 1.13.2)
      rspec (= 3.0.0)
      ruby-hmac (= 0.4.0)
      ruby-ole (= 1.2.11.7)
      ruby-rc4 (= 0.1.5)
      rubyzip (= 1.1.4)
      sanitize (= 2.1.0)
      scraperwiki (= 3.0.2)
      spreadsheet (= 0.9.7)
      sqlite3 (= 1.3.9)
      sqlite_magic (= 0.0.3)
      stringex (= 2.5.2)
      thread_safe (= 0.3.4)
      to_regexp (= 0.2.1)
      turbot-api (>= 0.0.8)
      turbotlib (>= 0.0.8)
      tzinfo (= 1.2.1)
      unf (= 0.1.4)
      unf_ext (= 0.0.6)
      upsert (= 2.0.3)
      uuidtools (= 2.1.4)
      webrobots (= 0.1.1)
    turbotlib (0.0.8)
      scraperwiki (= 3.0.2)
    tzinfo (1.2.1)
      thread_safe (~> 0.1)
    unf (0.1.4)
      unf_ext
    unf_ext (0.0.6)
    unix_utils (0.0.15)
    upsert (2.0.3)
    uuidtools (2.1.4)
    vcr (2.9.3)
    webmock (1.20.4)
      addressable (>= 2.3.6)
      crack (>= 0.3.2)
    webrobots (0.1.1)

PLATFORMS
  ruby

DEPENDENCIES
  pry
  rspec
  turbot-ruby-gems
  vcr
  webmock
